PATH
  remote: ../ProMotion
  specs:
    ProMotion (0.6.0)

GEM
  remote: https://rubygems.org/
  specs:
    bubble-wrap (1.2.0)

PLATFORMS
  ruby

DEPENDENCIES
  ProMotion!
  bubble-wrap
